PATH
  remote: .
  specs:
    karafka-web (0.1.0)
      erubi (~> 1.4)
      karafka (>= 2.0.29, < 3.0.0)
      roda (~> 3.63)
      tilt (~> 2.0)

GEM
  remote: https://rubygems.org/
  specs:
    concurrent-ruby (1.2.0)
    erubi (1.12.0)
    ffi (1.15.5)
    karafka (2.0.29)
      karafka-core (>= 2.0.9, < 3.0.0)
      thor (>= 0.20)
      waterdrop (>= 2.4.10, < 3.0.0)
      zeitwerk (~> 2.3)
    karafka-core (2.0.9)
      concurrent-ruby (>= 1.1)
      karafka-rdkafka (>= 0.12)
    karafka-rdkafka (0.12.0)
      ffi (~> 1.15)
      mini_portile2 (~> 2.6)
      rake (> 12)
    mini_portile2 (2.8.1)
    rack (3.0.4.1)
    rackup (0.2.3)
      rack (>= 3.0.0.beta1)
      webrick
    rake (13.0.6)
    roda (3.64.0)
      rack
    thor (1.2.1)
    tilt (2.0.11)
    waterdrop (2.4.10)
      karafka-core (>= 2.0.9, < 3.0.0)
      zeitwerk (~> 2.3)
    webrick (1.8.1)
    zeitwerk (2.6.6)

PLATFORMS
  x86_64-linux

DEPENDENCIES
  karafka-web!
  rackup (~> 0.2)

BUNDLED WITH
   2.4.5
