GIT
  remote: https://github.com/karafka/karafka.git
  revision: c0c04afb7f75fa737f72cd80fe7bcd8e490aff88
  specs:
    karafka (2.4.18)
      base64 (~> 0.2)
      karafka-core (>= 2.4.11, < 2.5.0)
      karafka-rdkafka (>= 0.19.0)
      waterdrop (>= 2.7.3, < 3.0.0)
      zeitwerk (~> 2.3)

PATH
  remote: .
  specs:
    karafka-web (0.11.0)
      erubi (~> 1.4)
      karafka (>= 2.4.17, < 2.5.0)
      karafka-core (>= 2.4.11, < 2.5.0)
      roda (~> 3.68, >= 3.69)
      tilt (~> 2.0)

GEM
  remote: https://rubygems.org/
  specs:
    activesupport (7.2.2.1)
      base64
      benchmark (>= 0.3)
      bigdecimal
      concurrent-ruby (~> 1.0, >= 1.3.1)
      connection_pool (>= 2.2.5)
      drb
      i18n (>= 1.6, < 2)
      logger (>= 1.4.2)
      minitest (>= 5.1)
      securerandom (>= 0.3)
      tzinfo (~> 2.0, >= 2.0.5)
    base64 (0.2.0)
    benchmark (0.4.0)
    bigdecimal (3.1.9)
    byebug (11.1.3)
    concurrent-ruby (1.3.5)
    connection_pool (2.4.1)
    diff-lcs (1.5.1)
    docile (1.4.0)
    drb (2.2.1)
    erubi (1.13.0)
    et-orbi (1.2.11)
      tzinfo
    factory_bot (6.5.1)
      activesupport (>= 6.1.0)
    ffi (1.17.1)
    ffi (1.17.1-x86_64-linux-gnu)
    fugit (1.11.1)
      et-orbi (~> 1, >= 1.2.11)
      raabro (~> 1.4)
    i18n (1.14.7)
      concurrent-ruby (~> 1.0)
    karafka-core (2.4.11)
      karafka-rdkafka (>= 0.17.6, < 0.20.0)
      logger (>= 1.6.0)
    karafka-rdkafka (0.19.0)
      ffi (~> 1.15)
      mini_portile2 (~> 2.6)
      rake (> 12)
    logger (1.6.6)
    mini_portile2 (2.8.8)
    minitest (5.25.4)
    nokogiri (1.18.6)
      mini_portile2 (~> 2.8.2)
      racc (~> 1.4)
    nokogiri (1.18.6-x86_64-linux-gnu)
      racc (~> 1.4)
    ostruct (0.6.1)
    raabro (1.4.0)
    racc (1.8.1)
    rack (3.1.8)
    rack-test (2.2.0)
      rack (>= 1.3)
    rackup (0.2.3)
      rack (>= 3.0.0.beta1)
      webrick
    rake (13.2.1)
    roda (3.81.0)
      rack
    rspec (3.13.0)
      rspec-core (~> 3.13.0)
      rspec-expectations (~> 3.13.0)
      rspec-mocks (~> 3.13.0)
    rspec-core (3.13.0)
      rspec-support (~> 3.13.0)
    rspec-expectations (3.13.1)
      diff-lcs (>= 1.2.0, < 2.0)
      rspec-support (~> 3.13.0)
    rspec-mocks (3.13.1)
      diff-lcs (>= 1.2.0, < 2.0)
      rspec-support (~> 3.13.0)
    rspec-support (3.13.1)
    securerandom (0.3.2)
    simplecov (0.22.0)
      docile (~> 1.1)
      simplecov-html (~> 0.11)
      simplecov_json_formatter (~> 0.1)
    simplecov-html (0.12.3)
    simplecov_json_formatter (0.1.4)
    tilt (2.4.0)
    tzinfo (2.0.6)
      concurrent-ruby (~> 1.0)
    waterdrop (2.7.4)
      karafka-core (>= 2.4.3, < 3.0.0)
      karafka-rdkafka (>= 0.15.1)
      zeitwerk (~> 2.3)
    webrick (1.8.1)
    zeitwerk (2.6.17)

PLATFORMS
  ruby
  x86_64-linux

DEPENDENCIES
  byebug
  factory_bot
  fugit
  karafka!
  karafka-web!
  nokogiri
  ostruct
  rack-test
  rackup (~> 0.2)
  rspec
  simplecov

BUNDLED WITH
   2.5.14
