PATH
  remote: .
  specs:
    karafka-web (0.2.3)
      erubi (~> 1.4)
      karafka (>= 2.0.33, < 3.0.0)
      karafka-core (>= 2.0.12, < 3.0.0)
      roda (~> 3.63)
      tilt (~> 2.0)

GEM
  remote: https://rubygems.org/
  specs:
    activesupport (7.0.4.2)
      concurrent-ruby (~> 1.0, >= 1.0.2)
      i18n (>= 1.6, < 2)
      minitest (>= 5.1)
      tzinfo (~> 2.0)
    byebug (11.1.3)
    concurrent-ruby (1.2.0)
    diff-lcs (1.5.0)
    docile (1.4.0)
    erubi (1.12.0)
    factory_bot (6.2.1)
      activesupport (>= 5.0.0)
    ffi (1.15.5)
    i18n (1.12.0)
      concurrent-ruby (~> 1.0)
    karafka (2.0.33)
      karafka-core (>= 2.0.12, < 3.0.0)
      thor (>= 0.20)
      waterdrop (>= 2.4.10, < 3.0.0)
      zeitwerk (~> 2.3)
    karafka-core (2.0.12)
      concurrent-ruby (>= 1.1)
      karafka-rdkafka (>= 0.12.1)
    karafka-rdkafka (0.12.1)
      ffi (~> 1.15)
      mini_portile2 (~> 2.6)
      rake (> 12)
    mini_portile2 (2.8.1)
    minitest (5.17.0)
    rack (3.0.4.1)
    rackup (0.2.3)
      rack (>= 3.0.0.beta1)
      webrick
    rake (13.0.6)
    roda (3.65.0)
      rack
    rspec (3.12.0)
      rspec-core (~> 3.12.0)
      rspec-expectations (~> 3.12.0)
      rspec-mocks (~> 3.12.0)
    rspec-core (3.12.1)
      rspec-support (~> 3.12.0)
    rspec-expectations (3.12.2)
      diff-lcs (>= 1.2.0, < 2.0)
      rspec-support (~> 3.12.0)
    rspec-mocks (3.12.3)
      diff-lcs (>= 1.2.0, < 2.0)
      rspec-support (~> 3.12.0)
    rspec-support (3.12.0)
    simplecov (0.22.0)
      docile (~> 1.1)
      simplecov-html (~> 0.11)
      simplecov_json_formatter (~> 0.1)
    simplecov-html (0.12.3)
    simplecov_json_formatter (0.1.4)
    thor (1.2.1)
    tilt (2.1.0)
    tzinfo (2.0.6)
      concurrent-ruby (~> 1.0)
    waterdrop (2.4.10)
      karafka-core (>= 2.0.9, < 3.0.0)
      zeitwerk (~> 2.3)
    webrick (1.8.1)
    zeitwerk (2.6.7)

PLATFORMS
  x86_64-linux

DEPENDENCIES
  byebug
  factory_bot
  karafka-web!
  rackup (~> 0.2)
  rspec
  simplecov

BUNDLED WITH
   2.4.6
